PATH
  remote: ~/Desktop/sugarcube
  specs:
    sugarcube (1.0.0rc1)

GEM
  remote: https://rubygems.org/
  specs:
    activesupport (3.2.14)
      i18n (~> 0.6, >= 0.6.4)
      multi_json (~> 1.0)
    bubble-wrap (1.3.0)
    claide (0.3.2)
    cocoapods (0.23.0)
      activesupport (~> 3.2.13)
      claide (~> 0.3.2)
      cocoapods-core (= 0.23.0)
      cocoapods-downloader (~> 0.1.2)
      colored (~> 1.2)
      escape (~> 0.0.4)
      json (~> 1.8.0)
      open4 (~> 1.3.0)
      xcodeproj (~> 0.9.0)
    cocoapods-core (0.23.0)
      activesupport (~> 3.2.13)
      json (~> 1.8.0)
      nap (~> 0.5.1)
    cocoapods-downloader (0.1.2)
    colored (1.2)
    escape (0.0.4)
    i18n (0.6.5)
    json (1.8.0)
    motion-cocoapods (1.3.6)
      cocoapods (>= 0.17.0)
    motion-config-vars (0.1.0)
      motion-yaml (>= 1.0)
      rake-hooks (~> 1.2.3)
    motion-testflight (1.5)
    motion-yaml (1.2)
    multi_json (1.8.0)
    nap (0.5.1)
    open4 (1.3.0)
    rake (10.1.0)
    rake-hooks (1.2.3)
      rake
    xcodeproj (0.9.0)
      activesupport (~> 3.2.13)
      colored (~> 1.2)

PLATFORMS
  ruby

DEPENDENCIES
  bubble-wrap (~> 1.3.0.osx)
  cocoapods (~> 0.23.0)
  motion-cocoapods
  motion-config-vars
  motion-testflight
  sugarcube!
